GIT
  remote: https://github.com/kastiglione/motion.h
  revision: f5f9062f618c130bda24566151ad0d91233b7bd4
  specs:
    motion.h (0.0.4)

GEM
  remote: https://rubygems.org/
  specs:
    ProMotion (2.2.1)
      methadone (~> 1.7)
    awesome_print_motion (0.1.0)
    dbt (1.1.5)
    methadone (1.9.0)
      bundler
    motion-kit (0.17.0)
      dbt (~> 1.1.5)
    motion-sqlite3 (0.5.2)
      motion.h (~> 0.0.4)
    motion_record (0.0.2)
    rake (10.4.2)
    sugarcube (3.3.3)

PLATFORMS
  ruby

DEPENDENCIES
  ProMotion
  awesome_print_motion
  motion-kit
  motion-sqlite3
  motion.h!
  motion_record
  rake
  sugarcube
