GIT
  remote: https://github.com/kastiglione/motion.h
  revision: f5f9062f618c130bda24566151ad0d91233b7bd4
  specs:
    motion.h (0.0.4)

GEM
  remote: https://rubygems.org/
  specs:
    ProMotion (2.3.0)
      methadone (~> 1.7)
    dbt (1.1.5)
    methadone (1.9.0)
      bundler
    motion-kit (0.17.0)
      dbt (~> 1.1.5)
    motion-sqlite3 (0.5.2)
      motion.h (~> 0.0.4)
    motion_print (0.0.5)
    motion_record (0.0.3)
    rake (10.4.2)
    sugarcube (3.3.4)

PLATFORMS
  ruby

DEPENDENCIES
  ProMotion
  motion-kit
  motion-sqlite3
  motion.h!
  motion_print
  motion_record
  rake
  sugarcube
